GEM
  remote: https://rubygems.org/
  specs:
    ffi (1.2.1)
    htmlentities (4.3.3)
    httparty (0.11.0)
      multi_json (~> 1.0)
      multi_xml (>= 0.5.2)
    multi_json (1.11.0)
    multi_xml (0.5.5)
    pinboard (0.1.1)
      httparty (= 0.11.0)
    scrapi (2.0.0)
      tidy_ffi (>= 0.1.2)
    tidy_ffi (0.1.5)
      ffi (~> 1.2.0)

PLATFORMS
  ruby

DEPENDENCIES
  htmlentities
  httparty
  pinboard
  scrapi
  tidy_ffi
